GEM
  remote: http://rubygems.org/
  specs:
    activerecord (2.3.5)
      activesupport (= 2.3.5)
    activesupport (2.3.5)
    autotest (4.4.2)
    mixico (0.1.4)
    rspec (1.3.1)
    sqlite3-ruby (1.3.2)

PLATFORMS
  ruby

DEPENDENCIES
  activerecord (~> 2.3.5)
  autotest
  mixico
  rspec (~> 1.0)
  sqlite3-ruby
